GEM
  remote: https://rubygems.org/
  specs:
    chbs (0.0.9)
    coffee-script (2.4.1)
      coffee-script-source
      execjs
    coffee-script-source (1.12.2)
    execjs (2.7.0)
    libv8 (3.16.14.19)
    mustermann (2.0.2)
      ruby2_keywords (~> 0.0.1)
    rack (2.2.6.3)
    rack-protection (2.2.3)
      rack
    ref (2.0.0)
    ruby2_keywords (0.0.5)
    sinatra (2.2.3)
      mustermann (~> 2.0)
      rack (~> 2.2)
      rack-protection (= 2.2.3)
      tilt (~> 2.0)
    therubyracer (0.12.3)
      libv8 (~> 3.16.14.15)
      ref
    tilt (2.0.11)

PLATFORMS
  ruby

DEPENDENCIES
  chbs (~> 0.0.9)
  coffee-script (~> 2.4.0)
  sinatra (~> 2.2.3)
  therubyracer (~> 0.12.0)

RUBY VERSION
   ruby 2.5.1p57

BUNDLED WITH
   1.17.3
